GEM
  specs:
    celluloid (0.15.2)
      timers (~> 1.1.0)
    chunky_png (1.2.9)
    coderay (1.1.0)
    compass (0.12.2)
      chunky_png (~> 1.2)
      fssm (>= 0.2.7)
      sass (~> 3.1)
    compass_twitter_bootstrap (2.3.1)
      compass
    ffi (1.9.3)
    formatador (0.2.4)
    fssm (0.2.10)
    guard (2.2.4)
      formatador (>= 0.2.4)
      listen (~> 2.1)
      lumberjack (~> 1.0)
      pry (>= 0.9.12)
      thor (>= 0.18.1)
    guard-bundler (2.0.0)
      bundler (~> 1.0)
      guard (~> 2.2)
    guard-haml (1.1.0)
      guard (~> 2.0)
      haml (>= 3.0)
    haml (4.0.4)
      tilt
    listen (2.4.0)
      celluloid (>= 0.15.2)
      rb-fsevent (>= 0.9.3)
      rb-inotify (>= 0.9)
    lumberjack (1.0.4)
    method_source (0.8.2)
    pry (0.9.12.4)
      coderay (~> 1.0)
      method_source (~> 0.8)
      slop (~> 3.4)
    rb-fsevent (0.9.3)
    rb-inotify (0.9.2)
      ffi (>= 0.5.0)
    sass (3.2.12)
    slop (3.4.7)
    thor (0.18.1)
    tilt (2.0.0)
    timers (1.1.0)

PLATFORMS
  ruby

DEPENDENCIES
  compass_twitter_bootstrap
  guard-bundler
  guard-haml
